PATH
  remote: .
  specs:
    myhidapi (1.0.4)

GEM
  remote: https://rubygems.org/
  specs:
    rake (13.3.0)
    rake-compiler (1.3.0)
      rake

PLATFORMS
  x64-mingw-ucrt

DEPENDENCIES
  myhidapi!
  rake
  rake-compiler

BUNDLED WITH
   2.7.1
